GEM
  remote: http://rubygems.org/
  specs:
    addressable (2.3.2)
    backup (3.0.25)
      open4 (~> 1.3.0)
      thor (~> 0.15.4)
    clockwork (0.4.1)
      tzinfo
    domain_name (0.5.4)
      unf (~> 0.0.3)
    foreman (0.60.0)
      thor (>= 0.13.6)
    heroku (2.19.2)
      launchy (>= 0.3.2)
      rest-client (~> 1.6.1)
      rubyzip
      term-ansicolor (~> 1.0.5)
    httparty (0.8.3)
      multi_json (~> 1.0)
      multi_xml
    i18n (0.6.1)
    launchy (2.1.2)
      addressable (~> 2.3)
    mail (2.4.4)
      i18n (>= 0.4.0)
      mime-types (~> 1.16)
      treetop (~> 1.4.8)
    mechanize (2.5.1)
      domain_name (~> 0.5, >= 0.5.1)
      mime-types (~> 1.17, >= 1.17.2)
      net-http-digest_auth (~> 1.1, >= 1.1.1)
      net-http-persistent (~> 2.5, >= 2.5.2)
      nokogiri (~> 1.4)
      ntlm-http (~> 0.1, >= 0.1.1)
      webrobots (~> 0.0, >= 0.0.9)
    mime-types (1.19)
    multi_json (1.3.6)
    multi_xml (0.5.1)
    net-http-digest_auth (1.2.1)
    net-http-persistent (2.7)
    net-sftp (2.0.5)
      net-ssh (>= 2.0.9)
    net-ssh (2.3.0)
    nokogiri (1.5.5)
    ntlm-http (0.1.1)
    open4 (1.3.0)
    polyglot (0.3.3)
    rest-client (1.6.7)
      mime-types (>= 1.16)
    rubyzip (0.9.9)
    term-ansicolor (1.0.7)
    thor (0.15.4)
    treetop (1.4.10)
      polyglot
      polyglot (>= 0.3.1)
    tzinfo (0.3.33)
    unf (0.0.5)
      unf_ext
    unf_ext (0.0.5)
    webrobots (0.0.13)

PLATFORMS
  ruby

DEPENDENCIES
  backup
  clockwork
  foreman
  heroku (~> 2.19.2)
  httparty (~> 0.8.1)
  mail (~> 2.4.0)
  mechanize
  net-sftp
  net-ssh (~> 2.3.0)
