GEM
  remote: http://rubygems.org/
  specs:
    activesupport (3.0.7)
    backup (3.0.16)
      thor (~> 0.14.6)
    clockwork (0.2.3)
    foreman (0.18.0)
      term-ansicolor (~> 1.0.5)
      thor (>= 0.13.6)
    i18n (0.6.0)
    mail (2.2.19)
      activesupport (>= 2.3.6)
      i18n (>= 0.4.0)
      mime-types (~> 1.16)
      treetop (~> 1.4.8)
    mime-types (1.16)
    net-sftp (2.0.5)
      net-ssh (>= 2.0.9)
    net-ssh (2.1.4)
    polyglot (0.3.1)
    term-ansicolor (1.0.5)
    thor (0.14.6)
    treetop (1.4.9)
      polyglot (>= 0.3.1)

PLATFORMS
  ruby

DEPENDENCIES
  backup
  clockwork
  foreman
  mail (~> 2.2.15)
  net-sftp
  net-ssh
